PATH
  remote: .
  specs:
    schema-viz (0.1.0)

GEM
  remote: https://rubygems.org/
  specs:
    minitest (5.14.4)
    rake (13.0.3)

PLATFORMS
  ruby

DEPENDENCIES
  minitest (~> 5.14, >= 5.14.4)
  rake (~> 13.0, >= 13.0.3)
  schema-viz!

BUNDLED WITH
   2.2.19
